GEM
  remote: https://rubygems.org/
  specs:
    rake (0.9.6)

PLATFORMS
  ruby

DEPENDENCIES
  rake (~> 0.9, >= 0.9.2.2)

BUNDLED WITH
   2.0.2
